GEM
  remote: https://rubygems.org/
  specs:
    airbrake-ruby (2.0.0)

PLATFORMS
  ruby

DEPENDENCIES
  airbrake-ruby (~> 2.0)

BUNDLED WITH
   1.14.6
