GEM
  remote: https://rubygems.org/
  specs:
    airbrake (6.0.0)
      airbrake-ruby (~> 2.0)
    airbrake-ruby (2.1.0)
    daemons (1.2.4)
    eventmachine (1.2.3)
    mustermann (2.0.2)
      ruby2_keywords (~> 0.0.1)
    rack (2.2.4)
    rack-protection (2.2.3)
      rack
    ruby2_keywords (0.0.5)
    sinatra (2.2.3)
      mustermann (~> 2.0)
      rack (~> 2.2)
      rack-protection (= 2.2.3)
      tilt (~> 2.0)
    thin (1.7.0)
      daemons (~> 1.0, >= 1.0.9)
      eventmachine (~> 1.0, >= 1.0.4)
      rack (>= 1, < 3)
    tilt (2.0.11)

PLATFORMS
  ruby

DEPENDENCIES
  airbrake (~> 6.0)
  sinatra
  thin

BUNDLED WITH
   1.11.2
